GEM
  remote: http://rubygems.org/
  specs:
    activemodel (3.0.10)
      activesupport (= 3.0.10)
      builder (~> 2.1.2)
      i18n (~> 0.5.0)
    activerecord (3.0.10)
      activemodel (= 3.0.10)
      activesupport (= 3.0.10)
      arel (~> 2.0.10)
      tzinfo (~> 0.3.23)
    activerecord-jdbc-adapter (1.2.1)
    activerecord-jdbcmysql-adapter (1.2.1)
      activerecord-jdbc-adapter (~> 1.2.1)
      jdbc-mysql (~> 5.1.0)
    activesupport (3.0.10)
    arel (2.0.10)
    builder (2.1.2)
    columnize (0.3.5)
    daemons (1.0.10)
    factory_girl (1.3.3)
    gem_plugin (0.2.3)
    i18n (0.5.0)
    jdbc-mysql (5.1.13)
    mongrel (1.2.0.pre2)
      daemons (~> 1.0.10)
      gem_plugin (~> 0.2.3)
    multi_json (1.0.4)
    ruby-debug (0.10.4)
      columnize (>= 0.1)
      ruby-debug-base (~> 0.10.4.0)
    ruby-debug-base (0.10.4-java)
    shoulda (2.11.3)
    simplecov (0.5.4)
      multi_json (~> 1.0.3)
      simplecov-html (~> 0.5.3)
    simplecov-html (0.5.3)
    spork (0.9.0.rc9)
    tzinfo (0.3.31)

PLATFORMS
  java

DEPENDENCIES
  activerecord (= 3.0.10)
  activerecord-jdbcmysql-adapter
  factory_girl (~> 1.3.3)
  jdbc-mysql
  mongrel (~> 1.2.0.pre2)
  ruby-debug
  ruby-debug19
  shoulda (~> 2.11.3)
  simplecov
  spork (~> 0.9.0.rc9)
