GIT
  remote: git://github.com/madebydna/nested_form.git
  revision: bce54d4741ef698de7bcdc97cb86010812dbf81f
  specs:
    nested_form (0.0.0)

GEM
  remote: http://rubygems.org/
  specs:
    abstract (1.0.0)
    actionmailer (3.0.10)
      actionpack (= 3.0.10)
      mail (~> 2.2.19)
    actionpack (3.0.10)
      activemodel (= 3.0.10)
      activesupport (= 3.0.10)
      builder (~> 2.1.2)
      erubis (~> 2.6.6)
      i18n (~> 0.5.0)
      rack (~> 1.2.1)
      rack-mount (~> 0.6.14)
      rack-test (~> 0.5.7)
      tzinfo (~> 0.3.23)
    activemerchant (1.15.0)
      activesupport (>= 2.3.8)
      braintree (>= 2.0.0)
      builder (>= 2.0.0)
    activemodel (3.0.10)
      activesupport (= 3.0.10)
      builder (~> 2.1.2)
      i18n (~> 0.5.0)
    activerecord (3.0.10)
      activemodel (= 3.0.10)
      activesupport (= 3.0.10)
      arel (~> 2.0.10)
      tzinfo (~> 0.3.23)
    activeresource (3.0.10)
      activemodel (= 3.0.10)
      activesupport (= 3.0.10)
    activesupport (3.0.10)
    archive-tar-minitar (0.5.2)
    arel (2.0.10)
    aws-s3 (0.6.2)
      builder
      mime-types
      xml-simple
    braintree (2.12.0)
      builder (>= 2.0.0)
    builder (2.1.2)
    cocaine (0.2.0)
    columnize (0.3.4)
    crack (0.1.8)
    daemons (1.0.10)
    diff-lcs (1.1.3)
    dynamic_form (1.1.4)
    erubis (2.6.6)
      abstract (>= 1.0.0)
    factory_girl (1.3.3)
    fastercsv (1.5.4)
    gem_plugin (0.2.3)
    hoptoad_notifier (2.4.11)
      activesupport
      builder
    hpricot (0.8.4)
    httparty (0.7.8)
      crack (= 0.1.8)
    i18n (0.5.0)
    in_place_editing (1.1.2)
    json (1.6.1)
    jwt (0.1.3)
      json (>= 1.2.4)
    linecache19 (0.5.12)
      ruby_core_source (>= 0.1.4)
    mail (2.2.19)
      activesupport (>= 2.3.6)
      i18n (>= 0.4.0)
      mime-types (~> 1.16)
      treetop (~> 1.4.8)
    memcache-client (1.8.5)
    mime-types (1.16)
    mongrel (1.2.0.pre2)
      daemons (~> 1.0.10)
      gem_plugin (~> 0.2.3)
    multi_json (1.0.3)
    mysql (2.8.1)
    newrelic_rpm (3.0.1)
    nokogiri (1.4.7)
    paperclip (2.3.16)
      activerecord (>= 2.3.0)
      activesupport (>= 2.3.2)
      cocaine (>= 0.0.2)
      mime-types
    polyglot (0.3.2)
    pusher (0.8.3)
      crack (~> 0.1.0)
      multi_json (~> 1.0)
      ruby-hmac (~> 0.4.0)
      signature (~> 0.1.2)
    rack (1.2.4)
    rack-mount (0.6.14)
      rack (>= 1.0.0)
    rack-test (0.5.7)
      rack (>= 1.0)
    rails (3.0.10)
      actionmailer (= 3.0.10)
      actionpack (= 3.0.10)
      activerecord (= 3.0.10)
      activeresource (= 3.0.10)
      activesupport (= 3.0.10)
      bundler (~> 1.0)
      railties (= 3.0.10)
    railties (3.0.10)
      actionpack (= 3.0.10)
      activesupport (= 3.0.10)
      rake (>= 0.8.7)
      rdoc (~> 3.4)
      thor (~> 0.14.4)
    rake (0.9.2)
    rdoc (3.10)
      json (~> 1.4)
    rspec (2.6.0)
      rspec-core (~> 2.6.0)
      rspec-expectations (~> 2.6.0)
      rspec-mocks (~> 2.6.0)
    rspec-core (2.6.4)
    rspec-expectations (2.6.0)
      diff-lcs (~> 1.1.2)
    rspec-mocks (2.6.0)
    rspec-rails (2.6.1)
      actionpack (~> 3.0)
      activesupport (~> 3.0)
      railties (~> 3.0)
      rspec (~> 2.6.0)
    ruby-debug-base19 (0.11.25)
      columnize (>= 0.3.1)
      linecache19 (>= 0.5.11)
      ruby_core_source (>= 0.1.4)
    ruby-debug19 (0.11.6)
      columnize (>= 0.3.1)
      linecache19 (>= 0.5.11)
      ruby-debug-base19 (>= 0.11.19)
    ruby-hmac (0.4.0)
    ruby_core_source (0.1.5)
      archive-tar-minitar (>= 0.5.2)
    settingslogic (2.0.6)
    shoulda (2.11.3)
    signature (0.1.2)
      ruby-hmac
    simplecov (0.5.3)
      multi_json (~> 1.0.3)
      simplecov-html (~> 0.5.3)
    simplecov-html (0.5.3)
    spork (0.9.0.rc9)
    thor (0.14.6)
    treetop (1.4.10)
      polyglot
      polyglot (>= 0.3.1)
    twilio (3.0.1)
      builder (~> 2.1.2)
      httparty (~> 0.7.4)
    twilio-ruby (3.3.1)
      builder (>= 2.1.2)
      jwt (>= 0.1.2)
      multi_json (>= 1.0.3)
    tzinfo (0.3.30)
    uakari (0.2.4)
      actionmailer (>= 3.0.0)
      httparty (> 0.6.0)
      json (>= 1.4.0)
    will_paginate (2.3.16)
    xml-simple (1.1.0)

PLATFORMS
  ruby

DEPENDENCIES
  activemerchant (~> 1.15.0)
  aws-s3 (~> 0.6.2)
  daemons (~> 1.0.10)
  dynamic_form (~> 1.1.4)
  factory_girl (~> 1.3.3)
  fastercsv (~> 1.5.4)
  hoptoad_notifier (~> 2.4.11)
  hpricot (~> 0.8.4)
  in_place_editing (~> 1.1.1)
  json (~> 1.6.1)
  memcache-client (~> 1.8.5)
  mongrel (~> 1.2.0.pre2)
  mysql
  nested_form!
  newrelic_rpm (~> 3.0.1)
  nokogiri (~> 1.4.4)
  paperclip (= 2.3.16)
  pusher (~> 0.8.2)
  rails (= 3.0.10)
  rspec
  rspec-rails (~> 2.6.1)
  ruby-debug19
  settingslogic (~> 2.0.6)
  shoulda (~> 2.11.3)
  simplecov
  spork (~> 0.9.0.rc9)
  twilio (~> 3.0.1)
  twilio-ruby (~> 3.3.0)
  uakari (~> 0.2.0)
  will_paginate (~> 2.3.11)
