GEM
  remote: http://rubygems.org/
  specs:
    abstract (1.0.0)
    actionmailer (3.0.10)
      actionpack (= 3.0.10)
      mail (~> 2.2.19)
    actionpack (3.0.10)
      activemodel (= 3.0.10)
      activesupport (= 3.0.10)
      builder (~> 2.1.2)
      erubis (~> 2.6.6)
      i18n (~> 0.5.0)
      rack (~> 1.2.1)
      rack-mount (~> 0.6.14)
      rack-test (~> 0.5.7)
      tzinfo (~> 0.3.23)
    activemerchant (1.15.0)
      activesupport (>= 2.3.8)
      braintree (>= 2.0.0)
      builder (>= 2.0.0)
    activemodel (3.0.10)
      activesupport (= 3.0.10)
      builder (~> 2.1.2)
      i18n (~> 0.5.0)
    activerecord (3.0.10)
      activemodel (= 3.0.10)
      activesupport (= 3.0.10)
      arel (~> 2.0.10)
      tzinfo (~> 0.3.23)
    activerecord-import (0.2.10)
      activerecord (~> 3.0)
      activerecord (~> 3.0)
    activeresource (3.0.10)
      activemodel (= 3.0.10)
      activesupport (= 3.0.10)
    activesupport (3.0.10)
    addressable (2.3.2)
    airbrake (3.0.9)
      activesupport
      builder
    arel (2.0.10)
    aws-s3 (0.6.3)
      builder
      mime-types
      xml-simple
    braintree (2.16.0)
      builder (>= 2.0.0)
    builder (2.1.2)
    call_center (0.0.9)
      builder
      hsume2-state_machine (~> 1.0.5)
    capistrano (2.9.0)
      highline
      net-scp (>= 1.0.0)
      net-sftp (>= 2.0.0)
      net-ssh (>= 2.0.14)
      net-ssh-gateway (>= 1.1.0)
    celluloid (0.10.0)
    cocaine (0.3.0)
    cocoon (1.0.22)
    columnize (0.3.6)
    connection_pool (0.9.2)
    cookiejar (0.3.0)
    crack (0.1.8)
    daemons (1.0.10)
    debugger (1.2.0)
      columnize (>= 0.3.1)
      debugger-linecache (~> 1.1.1)
      debugger-ruby_core_source (~> 1.1.3)
    debugger-linecache (1.1.2)
      debugger-ruby_core_source (>= 1.1.1)
    debugger-ruby_core_source (1.1.3)
    delayed_job (2.1.4)
      activesupport (~> 3.0)
      daemons
    diff-lcs (1.1.3)
    dynamic_form (1.1.4)
    em-http-request (1.0.3)
      addressable (>= 2.2.3)
      cookiejar
      em-socksify
      eventmachine (>= 1.0.0.beta.4)
      http_parser.rb (>= 0.5.3)
    em-socksify (0.2.1)
      eventmachine (>= 1.0.0.beta.4)
    em-synchrony (1.0.2)
      eventmachine (>= 1.0.0.beta.1)
    erubis (2.6.6)
      abstract (>= 1.0.0)
    eventmachine (1.0.0.rc.4)
    excon (0.16.2)
    factory_girl (1.3.3)
    ffi (1.1.5)
    foreman (0.57.0)
      thor (>= 0.13.6)
    formtastic (2.2.1)
      actionpack (>= 3.0)
    guard (1.3.2)
      listen (>= 0.4.2)
      thor (>= 0.14.6)
    guard-bundler (1.0.0)
      bundler (~> 1.0)
      guard (~> 1.1)
    guard-rails (0.1.1)
      guard (>= 0.2.2)
    guard-rspec (1.2.1)
      guard (>= 1.1)
    guard-spork (1.1.0)
      guard (>= 1.1)
      spork (>= 0.8.4)
    heroku (2.17.0)
      launchy (>= 0.3.2)
      rest-client (~> 1.6.1)
      rubyzip
      term-ansicolor (~> 1.0.5)
    heroku-api (0.3.4)
      excon (~> 0.16.1)
    heroku_san (3.0.4)
      activesupport
      heroku (>= 2)
      heroku-api (>= 0.1.2)
      rake
    highline (1.6.14)
    hike (1.2.1)
    hiredis (0.4.5)
    hsume2-state_machine (1.0.5)
    http_parser.rb (0.5.3)
    httparty (0.7.8)
      crack (= 0.1.8)
    i18n (0.5.0)
    in_place_editing (1.1.2)
    jquery-rails (1.0.19)
      railties (~> 3.0)
      thor (~> 0.14)
    json (1.6.7)
    json_pure (1.7.5)
    jwt (0.1.5)
      multi_json (>= 1.0)
    launchy (2.1.2)
      addressable (~> 2.3)
    listen (0.4.7)
      rb-fchange (~> 0.0.5)
      rb-fsevent (~> 0.9.1)
      rb-inotify (~> 0.8.8)
    macaddr (1.6.1)
      systemu (~> 2.5.0)
    mail (2.2.19)
      activesupport (>= 2.3.6)
      i18n (>= 0.4.0)
      mime-types (~> 1.16)
      treetop (~> 1.4.8)
    mime-types (1.19)
    multi_json (1.3.6)
    mysql2 (0.2.18)
    nested_form (0.1.1)
    net-scp (1.0.4)
      net-ssh (>= 1.99.1)
    net-sftp (2.0.5)
      net-ssh (>= 2.0.9)
    net-ssh (2.5.2)
    net-ssh-gateway (1.1.0)
      net-ssh (>= 1.99.1)
    newrelic_rpm (3.0.1)
    nokogiri (1.4.7)
    paperclip (2.3.16)
      activerecord (>= 2.3.0)
      activesupport (>= 2.3.2)
      cocaine (>= 0.0.2)
      mime-types
    polyglot (0.3.3)
    pusher (0.9.4)
      multi_json (~> 1.0)
      signature (~> 0.1.2)
    rack (1.2.5)
    rack-mount (0.6.14)
      rack (>= 1.0.0)
    rack-test (0.5.7)
      rack (>= 1.0)
    rack_timer (0.0.4)
    rails (3.0.10)
      actionmailer (= 3.0.10)
      actionpack (= 3.0.10)
      activerecord (= 3.0.10)
      activeresource (= 3.0.10)
      activesupport (= 3.0.10)
      bundler (~> 1.0)
      railties (= 3.0.10)
    railties (3.0.10)
      actionpack (= 3.0.10)
      activesupport (= 3.0.10)
      rake (>= 0.8.7)
      rdoc (~> 3.4)
      thor (~> 0.14.4)
    rake (0.9.2.2)
    rb-fchange (0.0.5)
      ffi
    rb-fsevent (0.9.1)
    rb-inotify (0.8.8)
      ffi (>= 0.5.0)
    rdoc (3.12)
      json (~> 1.4)
    recurly (2.1.5)
    redis (2.2.2)
    redis-namespace (1.0.3)
      redis (< 3.0.0)
    resque (1.19.0)
      multi_json (~> 1.0)
      redis-namespace (~> 1.0.2)
      sinatra (>= 0.9.2)
      vegas (~> 0.1.2)
    resque-lock (1.0.0)
    resque-loner (1.2.1)
      resque (~> 1.0)
    resque-scheduler (1.9.9)
      redis (>= 2.0.1)
      resque (>= 1.8.0)
      rufus-scheduler
    rest-client (1.6.7)
      mime-types (>= 1.16)
    rspec (2.6.0)
      rspec-core (~> 2.6.0)
      rspec-expectations (~> 2.6.0)
      rspec-mocks (~> 2.6.0)
    rspec-core (2.6.4)
    rspec-expectations (2.6.0)
      diff-lcs (~> 1.1.2)
    rspec-mocks (2.6.0)
    rspec-rails (2.6.1)
      actionpack (~> 3.0)
      activesupport (~> 3.0)
      railties (~> 3.0)
      rspec (~> 2.6.0)
    ruby-graphviz (0.9.0)
    rubyzip (0.9.9)
    rufus-scheduler (2.0.17)
      tzinfo (>= 0.3.23)
    settingslogic (2.0.8)
    shoulda (3.1.1)
      shoulda-context (~> 1.0)
      shoulda-matchers (~> 1.2)
    shoulda-context (1.0.0)
    shoulda-matchers (1.2.0)
      activesupport (>= 3.0.0)
    showoff-io (0.3.0)
      highline (>= 1.6.1)
      json_pure
      net-ssh (>= 2.1.0)
      rest-client
    sidekiq (1.2.1)
      celluloid (~> 0.10.0)
      connection_pool (~> 0.9.0)
      multi_json (~> 1)
      redis
      redis-namespace
    signature (0.1.4)
    simplecov (0.6.4)
      multi_json (~> 1.0)
      simplecov-html (~> 0.5.3)
    simplecov-html (0.5.3)
    sinatra (1.2.8)
      rack (~> 1.1)
      tilt (>= 1.2.2, < 2.0)
    slim (1.2.2)
      temple (~> 0.4.0)
      tilt (~> 1.3.3)
    spork (0.9.2)
    sprockets (2.4.5)
      hike (~> 1.2)
      multi_json (~> 1.0)
      rack (~> 1.0)
      tilt (~> 1.1, != 1.3.0)
    systemu (2.5.2)
    temple (0.4.0)
    term-ansicolor (1.0.7)
    thin (1.3.1)
      daemons (>= 1.0.9)
      eventmachine (>= 0.12.6)
      rack (>= 1.0.0)
    thor (0.14.6)
    tilt (1.3.3)
    treetop (1.4.10)
      polyglot
      polyglot (>= 0.3.1)
    twilio (3.0.1)
      builder (~> 2.1.2)
      httparty (~> 0.7.4)
    twilio-ruby (3.5.1)
      builder (>= 2.1.2)
      jwt (>= 0.1.2)
      multi_json (>= 1.0.3)
    tzinfo (0.3.33)
    uakari (0.2.8)
      actionmailer (>= 3.0.0)
      httparty (> 0.6.0)
      httparty (> 0.6.0)
      json (> 1.4.0)
      json (>= 1.4.0)
    uuid (2.3.5)
      macaddr (~> 1.0)
    vegas (0.1.11)
      rack (>= 1.0.0)
    will_paginate (2.3.16)
    xml-simple (1.1.1)

PLATFORMS
  ruby

DEPENDENCIES
  activemerchant (~> 1.15.0)
  activerecord-import (>= 0.2.0)
  airbrake (~> 3.0.9)
  aws-s3 (~> 0.6.2)
  call_center (~> 0.0.9)
  capistrano (= 2.9.0)
  cocoon (~> 1.0.22)
  daemons (~> 1.0.10)
  debugger
  delayed_job (~> 2.1.4)
  dynamic_form (~> 1.1.4)
  em-http-request (~> 1.0.1)
  em-synchrony (~> 1.0.1)
  factory_girl (~> 1.3.3)
  foreman
  formtastic (~> 2.2.1)
  guard
  guard-bundler
  guard-rails
  guard-rspec
  guard-spork
  heroku (~> 2.17.0)
  heroku_san
  hiredis (~> 0.4.5)
  in_place_editing (~> 1.1.1)
  jquery-rails (>= 1.0.12)
  json (~> 1.6.1)
  mysql2 (~> 0.2.0)
  nested_form (~> 0.1.1)
  newrelic_rpm (~> 3.0.1)
  nokogiri (~> 1.4.4)
  paperclip (= 2.3.16)
  pusher (~> 0.9.2)
  rack_timer (= 0.0.4)
  rails (= 3.0.10)
  rb-fsevent
  recurly (~> 2.1.3)
  redis (~> 2.2.2)
  resque (~> 1.19.0)
  resque-lock (~> 1.0.0)
  resque-loner (~> 1.2.1)
  resque-scheduler (~> 1.9.9)
  rspec
  rspec-rails (~> 2.6.1)
  ruby-graphviz (= 0.9.0)
  settingslogic (~> 2.0.6)
  shoulda
  showoff-io
  sidekiq (~> 1.2.1)
  simplecov
  sinatra (~> 1.2.8)
  slim (~> 1.2.2)
  spork (~> 0.9.0.rc9)
  sprockets (~> 2.4.5)
  thin (~> 1.3.1)
  twilio (~> 3.0.1)
  twilio-ruby (~> 3.5.1)
  uakari (~> 0.2.0)
  uuid (~> 2.3.5)
  will_paginate (~> 2.3.11)
