GIT
  remote: git://github.com/tchandy/octopus.git
  revision: 8ed812836f13251a880b736c1119d1309ff3e041
  specs:
    ar-octopus (0.5.0beta)
      activerecord (>= 2.3.0)
      activesupport (>= 2.3.0)

GEM
  remote: http://rubygems.org/
  specs:
    actionmailer (3.2.11)
      actionpack (= 3.2.11)
      mail (~> 2.4.4)
    actionpack (3.2.11)
      activemodel (= 3.2.11)
      activesupport (= 3.2.11)
      builder (~> 3.0.0)
      erubis (~> 2.7.0)
      journey (~> 1.0.4)
      rack (~> 1.4.0)
      rack-cache (~> 1.2)
      rack-test (~> 0.6.1)
      sprockets (~> 2.2.1)
    activemodel (3.2.11)
      activesupport (= 3.2.11)
      builder (~> 3.0.0)
    activerecord (3.2.11)
      activemodel (= 3.2.11)
      activesupport (= 3.2.11)
      arel (~> 3.0.2)
      tzinfo (~> 0.3.29)
    activerecord-import (0.2.11)
      activerecord (~> 3.0)
      activerecord (~> 3.0)
    activeresource (3.2.11)
      activemodel (= 3.2.11)
      activesupport (= 3.2.11)
    activesupport (3.2.11)
      i18n (~> 0.6)
      multi_json (~> 1.0)
    addressable (2.3.2)
    arel (3.0.2)
    aws-s3 (0.6.3)
      builder
      mime-types
      xml-simple
    bourne (1.1.2)
      mocha (= 0.10.5)
    builder (3.0.4)
    call_center (0.0.9)
      builder
      hsume2-state_machine (~> 1.0.5)
    capistrano (2.14.1)
      highline
      net-scp (>= 1.0.0)
      net-sftp (>= 2.0.0)
      net-ssh (>= 2.0.14)
      net-ssh-gateway (>= 1.1.0)
    capistrano-multiconfig (0.0.4)
      capistrano (>= 2.5.5)
    capistrano_colors (0.5.5)
    celluloid (0.10.0)
    childprocess (0.3.6)
      ffi (~> 1.0, >= 1.0.6)
    cocaine (0.4.2)
    cocoon (1.0.22)
    coderay (1.0.8)
    columnize (0.3.6)
    connection_pool (0.9.3)
    cookiejar (0.3.0)
    daemons (1.0.10)
    dalli (2.3.0)
    database_cleaner (0.9.1)
    debugger (1.2.3)
      columnize (>= 0.3.1)
      debugger-linecache (~> 1.1.1)
      debugger-ruby_core_source (~> 1.1.5)
    debugger-linecache (1.1.2)
      debugger-ruby_core_source (>= 1.1.1)
    debugger-ruby_core_source (1.1.6)
    deep_cloneable (1.4.1)
      rails
    delayed_job (3.0.4)
      activesupport (~> 3.0)
    diff-lcs (1.1.3)
    dynamic_form (1.1.4)
    em-hiredis (0.1.1)
      hiredis (~> 0.4.0)
    em-http-request (1.0.3)
      addressable (>= 2.2.3)
      cookiejar
      em-socksify
      eventmachine (>= 1.0.0.beta.4)
      http_parser.rb (>= 0.5.3)
    em-socksify (0.2.1)
      eventmachine (>= 1.0.0.beta.4)
    em-synchrony (1.0.2)
      eventmachine (>= 1.0.0.beta.1)
    erubis (2.7.0)
    eventmachine (1.0.0.rc.4)
    excon (0.15.5)
    factory_girl (1.3.3)
    ffi (1.3.1)
    foreman (0.60.2)
      thor (>= 0.13.6)
    formtastic (2.2.1)
      actionpack (>= 3.0)
    guard (1.6.1)
      listen (>= 0.6.0)
      lumberjack (>= 1.0.2)
      pry (>= 0.9.10)
      thor (>= 0.14.6)
    guard-rspec (1.2.1)
      guard (>= 1.1)
    guard-spork (1.4.1)
      childprocess (>= 0.2.3)
      guard (>= 1.1)
      spork (>= 0.8.4)
    heroku (2.30.2)
      heroku-api (~> 0.3.2)
      launchy (>= 0.3.2)
      netrc (~> 0.7.5)
      rest-client (~> 1.6.1)
      rubyzip
    heroku-api (0.3.2)
      excon (~> 0.15.5)
    highline (1.6.15)
    hike (1.2.1)
    hirb (0.7.0)
    hiredis (0.4.5)
    hsume2-state_machine (1.0.5)
    http_parser.rb (0.5.3)
    httparty (0.10.0)
      multi_json (~> 1.0)
      multi_xml
    i18n (0.6.1)
    journey (1.0.4)
    jquery-rails (2.1.4)
      railties (>= 3.0, < 5.0)
      thor (>= 0.14, < 2.0)
    json (1.7.6)
    json_pure (1.7.6)
    json_spec (1.1.0)
      multi_json (~> 1.0)
      rspec (~> 2.0)
    jwt (0.1.5)
      multi_json (>= 1.0)
    kgio (2.7.4)
    launchy (2.1.2)
      addressable (~> 2.3)
    listen (0.7.1)
    lumberjack (1.0.2)
    macaddr (1.6.1)
      systemu (~> 2.5.0)
    mail (2.4.4)
      i18n (>= 0.4.0)
      mime-types (~> 1.16)
      treetop (~> 1.4.8)
    mandrill-api (1.0.13)
      excon (~> 0.15.4)
      json (~> 1.7.4)
    metaclass (0.0.1)
    method_source (0.8.1)
    mime-types (1.19)
    mocha (0.10.5)
      metaclass (~> 0.0.1)
    multi_json (1.5.0)
    multi_xml (0.5.2)
    mysql2 (0.3.11)
    nested_form (0.1.1)
    net-scp (1.0.4)
      net-ssh (>= 1.99.1)
    net-sftp (2.0.5)
      net-ssh (>= 2.0.9)
    net-ssh (2.6.3)
    net-ssh-gateway (1.1.0)
      net-ssh (>= 1.99.1)
    netrc (0.7.7)
    newrelic-redis (1.3.2)
      newrelic_rpm (~> 3.0)
      redis (< 4.0)
    newrelic_rpm (3.5.5.38)
    nokogiri (1.4.7)
    paperclip (2.3.16)
      activerecord (>= 2.3.0)
      activesupport (>= 2.3.2)
      cocaine (>= 0.0.2)
      mime-types
    polyglot (0.3.3)
    pry (0.9.10)
      coderay (~> 1.0.5)
      method_source (~> 0.8)
      slop (~> 3.3.1)
    pusher (0.9.4)
      multi_json (~> 1.0)
      signature (~> 0.1.2)
    rack (1.4.3)
    rack-cache (1.2)
      rack (>= 0.4)
    rack-protection (1.3.2)
      rack
    rack-ssl (1.3.2)
      rack
    rack-test (0.6.2)
      rack (>= 1.0)
    rails (3.2.11)
      actionmailer (= 3.2.11)
      actionpack (= 3.2.11)
      activerecord (= 3.2.11)
      activeresource (= 3.2.11)
      activesupport (= 3.2.11)
      bundler (~> 1.0)
      railties (= 3.2.11)
    railties (3.2.11)
      actionpack (= 3.2.11)
      activesupport (= 3.2.11)
      rack-ssl (~> 1.3.2)
      rake (>= 0.8.7)
      rdoc (~> 3.4)
      thor (>= 0.14.6, < 2.0)
    raindrops (0.10.0)
    rake (10.0.3)
    rb-fsevent (0.9.3)
    rdoc (3.12)
      json (~> 1.4)
    recurly (2.1.5)
    redis (2.2.2)
    redis-namespace (1.1.0)
      redis (< 3.0.0)
    redis-objects (0.5.3)
      redis (>= 2.1.1)
    resque (1.23.0)
      multi_json (~> 1.0)
      redis-namespace (~> 1.0)
      sinatra (>= 0.9.2)
      vegas (~> 0.1.2)
    resque-lock (1.0.0)
    resque-loner (1.2.1)
      resque (~> 1.0)
    resque-scheduler (1.9.9)
      redis (>= 2.0.1)
      resque (>= 1.8.0)
      rufus-scheduler
    rest-client (1.6.1)
      mime-types (>= 1.16)
    rspec (2.6.0)
      rspec-core (~> 2.6.0)
      rspec-expectations (~> 2.6.0)
      rspec-mocks (~> 2.6.0)
    rspec-core (2.6.4)
    rspec-expectations (2.6.0)
      diff-lcs (~> 1.1.2)
    rspec-instafail (0.2.4)
    rspec-mocks (2.6.0)
    rspec-rails (2.6.1)
      actionpack (~> 3.0)
      activesupport (~> 3.0)
      railties (~> 3.0)
      rspec (~> 2.6.0)
    ruby-graphviz (0.9.0)
    rubyzip (0.9.9)
    rufus-scheduler (2.0.17)
      tzinfo (>= 0.3.23)
    settingslogic (2.0.9)
    shoulda (3.3.2)
      shoulda-context (~> 1.0.1)
      shoulda-matchers (~> 1.4.1)
    shoulda-context (1.0.2)
    shoulda-matchers (1.4.2)
      activesupport (>= 3.0.0)
      bourne (~> 1.1.2)
    showoff-io (0.3.1)
      highline (>= 1.6.1)
      json_pure
      net-ssh (>= 2.1.0)
      rest-client (= 1.6.1)
    sidekiq (1.2.1)
      celluloid (~> 0.10.0)
      connection_pool (~> 0.9.0)
      multi_json (~> 1)
      redis
      redis-namespace
    signature (0.1.6)
    simplecov (0.7.1)
      multi_json (~> 1.0)
      simplecov-html (~> 0.7.1)
    simplecov-html (0.7.1)
    sinatra (1.3.3)
      rack (~> 1.3, >= 1.3.6)
      rack-protection (~> 1.2)
      tilt (~> 1.3, >= 1.3.3)
    slim (1.2.2)
      temple (~> 0.4.0)
      tilt (~> 1.3.3)
    slop (3.3.3)
    spork (1.0.0rc3)
    spork-rails (3.2.1)
      rails (>= 3.0.0, < 3.3.0)
      spork (>= 1.0rc0)
    sprockets (2.2.2)
      hike (~> 1.2)
      multi_json (~> 1.0)
      rack (~> 1.0)
      tilt (~> 1.1, != 1.3.0)
    systemu (2.5.2)
    temple (0.4.1)
    thor (0.16.0)
    tilt (1.3.3)
    treetop (1.4.12)
      polyglot
      polyglot (>= 0.3.1)
    twilio (3.1.0)
      builder (>= 2.1.2)
      httparty (~> 0.8)
    twilio-ruby (3.5.1)
      builder (>= 2.1.2)
      jwt (>= 0.1.2)
      multi_json (>= 1.0.3)
    tzinfo (0.3.35)
    unicorn (4.5.0)
      kgio (~> 2.6)
      rack
      raindrops (~> 0.7)
    uuid (2.3.6)
      macaddr (~> 1.0)
    vegas (0.1.11)
      rack (>= 1.0.0)
    will_paginate (3.0.4)
    xml-simple (1.1.2)

PLATFORMS
  ruby

DEPENDENCIES
  activerecord-import (>= 0.2.10)
  ar-octopus!
  aws-s3 (~> 0.6.2)
  call_center (~> 0.0.9)
  capistrano
  capistrano-multiconfig
  capistrano_colors
  cocoon (~> 1.0.22)
  daemons (~> 1.0.10)
  dalli (~> 2.3.0)
  database_cleaner
  debugger
  deep_cloneable (~> 1.4.0)
  delayed_job
  dynamic_form (~> 1.1.4)
  em-hiredis (~> 0.1.1)
  em-http-request (~> 1.0.1)
  em-synchrony (~> 1.0.1)
  eventmachine (= 1.0.0.rc.4)
  factory_girl (~> 1.3.3)
  foreman
  formtastic (~> 2.2.1)
  guard
  guard-rspec
  guard-spork
  heroku
  hirb
  hiredis (~> 0.4.5)
  jquery-rails (>= 1.0.12)
  json (~> 1.7.4)
  json_spec
  mandrill-api (~> 1.0.13)
  mysql2 (~> 0.3.0)
  nested_form (~> 0.1.1)
  newrelic-redis (~> 1.3.2)
  newrelic_rpm
  nokogiri (~> 1.4.4)
  paperclip (= 2.3.16)
  pusher (~> 0.9.2)
  rails (= 3.2.11)
  rb-fsevent
  recurly (~> 2.1.3)
  redis (~> 2.2.2)
  redis-objects (~> 0.5.3)
  resque (~> 1.19)
  resque-lock (~> 1.0.0)
  resque-loner (~> 1.2.1)
  resque-scheduler (~> 1.9.9)
  rspec
  rspec-instafail
  rspec-rails (~> 2.6.1)
  ruby-graphviz (= 0.9.0)
  settingslogic (~> 2.0.6)
  shoulda
  showoff-io
  sidekiq (~> 1.2.1)
  simplecov
  sinatra (~> 1.3.3)
  slim (~> 1.2.2)
  spork-rails
  sprockets (~> 2.2.1)
  twilio (~> 3.1.0)
  twilio-ruby (~> 3.5.1)
  unicorn
  uuid (~> 2.3.5)
  will_paginate (~> 3.0)
