GEM
  remote: http://rubygems.org/
  specs:
    actionmailer (2.3.11)
      actionpack (= 2.3.11)
    actionpack (2.3.11)
      activesupport (= 2.3.11)
      rack (~> 1.1.0)
    activemerchant (1.15.0)
      activesupport (>= 2.3.8)
      braintree (>= 2.0.0)
      builder (>= 2.0.0)
    activerecord (2.3.11)
      activesupport (= 2.3.11)
    activeresource (2.3.11)
      activesupport (= 2.3.11)
    activesupport (2.3.11)
    braintree (2.10.0)
      builder
    builder (3.0.0)
    columnize (0.3.2)
    daemons (1.0.10)
    factory_girl (1.3.3)
    fastercsv (1.5.4)
    gem_plugin (0.2.3)
    hirb (0.4.5)
    hoptoad_notifier (2.3.12)
      activesupport
      builder
    i18n (0.4.2)
    interactive_editor (0.0.8)
      spoon (>= 0.0.1)
    json (1.5.1)
    linecache (0.43)
    memcache-client (1.8.5)
    mongrel (1.2.0.pre2)
      daemons (~> 1.0.10)
      gem_plugin (~> 0.2.3)
    mysql (2.8.1)
    newrelic_rpm (3.0.1)
    nokogiri (1.4.4)
    rack (1.1.2)
    rails (2.3.11)
      actionmailer (= 2.3.11)
      actionpack (= 2.3.11)
      activerecord (= 2.3.11)
      activeresource (= 2.3.11)
      activesupport (= 2.3.11)
      rake (>= 0.8.3)
    rake (0.9.2)
    rcov (0.9.9)
    right_aws (2.1.0)
      right_http_connection (>= 1.2.5)
    right_http_connection (1.3.0)
    rspec (1.3.2)
    rspec-rails (1.3.4)
      rack (>= 1.0.0)
      rspec (~> 1.3.1)
    ruby-debug (0.10.4)
      columnize (>= 0.1)
      ruby-debug-base (~> 0.10.4.0)
    ruby-debug-base (0.10.4)
      linecache (>= 0.3)
    shoulda (2.11.3)
    spoon (0.0.1)
    will_paginate (2.3.15)
    wirble (0.1.3)

PLATFORMS
  ruby

DEPENDENCIES
  activemerchant (~> 1.15.0)
  factory_girl (~> 1.3.3)
  fastercsv (~> 1.5.4)
  hirb (~> 0.4.5)
  hoptoad_notifier (~> 2.3.6)
  i18n
  interactive_editor (~> 0.0.8)
  json (~> 1.5.1)
  memcache-client (~> 1.8.5)
  mongrel (~> 1.2.0.pre2)
  mysql (~> 2.8.1)
  newrelic_rpm (~> 3.0.1)
  nokogiri (~> 1.4.4)
  rails (= 2.3.11)
  rcov (~> 0.9.9)
  right_aws (~> 2.1.0)
  rspec (~> 1.3.1)
  rspec-rails (~> 1.3.4)
  ruby-debug (~> 0.10.4)
  shoulda
  will_paginate (~> 2.3.11)
  wirble (~> 0.1.3)
