GEM
  remote: http://rubygems.org/
  specs:
    actionmailer (2.3.11)
      actionpack (= 2.3.11)
    actionpack (2.3.11)
      activesupport (= 2.3.11)
      rack (~> 1.1.0)
    activemerchant (1.15.0)
      activesupport (>= 2.3.8)
      braintree (>= 2.0.0)
      builder (>= 2.0.0)
    activerecord (2.3.11)
      activesupport (= 2.3.11)
    activeresource (2.3.11)
      activesupport (= 2.3.11)
    activesupport (2.3.11)
    aws-s3 (0.6.2)
      builder
      mime-types
      xml-simple
    braintree (2.10.1)
      builder (>= 2.0.0)
    builder (2.1.2)
    columnize (0.3.4)
    crack (0.1.8)
    daemons (1.0.10)
    factory_girl (1.3.3)
    fastercsv (1.5.4)
    gem_plugin (0.2.3)
    hoptoad_notifier (2.4.11)
      activesupport
      builder
    hpricot (0.8.4)
    httparty (0.7.8)
      crack (= 0.1.8)
    i18n (0.4.2)
    json (1.5.3)
    linecache (0.46)
      rbx-require-relative (> 0.0.4)
    memcache-client (1.8.5)
    mime-types (1.16)
    mongrel (1.2.0.pre2)
      daemons (~> 1.0.10)
      gem_plugin (~> 0.2.3)
    multi_json (1.0.3)
    mysql (2.8.1)
    newrelic_rpm (3.0.1)
    nokogiri (1.4.7)
    paperclip (2.3.11)
      activerecord (>= 2.3.0)
      activesupport (>= 2.3.2)
    pusher (0.8.2)
      crack (~> 0.1.0)
      multi_json (~> 1.0)
      ruby-hmac (~> 0.4.0)
      signature (~> 0.1.2)
    rack (1.1.2)
    rails (2.3.11)
      actionmailer (= 2.3.11)
      actionpack (= 2.3.11)
      activerecord (= 2.3.11)
      activeresource (= 2.3.11)
      activesupport (= 2.3.11)
      rake (>= 0.8.3)
    rake (0.9.2)
    rbx-require-relative (0.0.5)
    rcov (0.9.9)
    rspec (1.3.2)
    rspec-rails (1.3.4)
      rack (>= 1.0.0)
      rspec (~> 1.3.1)
    ruby-debug (0.10.4)
      columnize (>= 0.1)
      ruby-debug-base (~> 0.10.4.0)
    ruby-debug-base (0.10.4)
      linecache (>= 0.3)
    ruby-hmac (0.4.0)
    settingslogic (2.0.6)
    shoulda (2.11.3)
    signature (0.1.2)
      ruby-hmac
    twilio (3.0.1)
      builder (~> 2.1.2)
      httparty (~> 0.7.4)
    uakari (0.1.3)
      httparty (> 0.6.0)
      json (> 1.4.0)
    will_paginate (2.3.15)
    xml-simple (1.1.0)

PLATFORMS
  ruby

DEPENDENCIES
  activemerchant (~> 1.15.0)
  aws-s3 (~> 0.6.2)
  daemons (~> 1.0.10)
  factory_girl (~> 1.3.3)
  fastercsv (~> 1.5.4)
  hoptoad_notifier (~> 2.4.11)
  hpricot (~> 0.8.4)
  i18n (~> 0.4.2)
  json (~> 1.5.1)
  memcache-client (~> 1.8.5)
  mongrel (~> 1.2.0.pre2)
  mysql (~> 2.8.1)
  newrelic_rpm (~> 3.0.1)
  nokogiri (~> 1.4.4)
  paperclip (= 2.3.11)
  pusher (~> 0.8.2)
  rails (= 2.3.11)
  rcov (~> 0.9.9)
  rspec (~> 1.3.1)
  rspec-rails (~> 1.3.4)
  ruby-debug (~> 0.10.4)
  settingslogic (~> 2.0.6)
  shoulda (~> 2.11.3)
  twilio (~> 3.0.1)
  uakari
  will_paginate (~> 2.3.11)
